GEM
  remote: https://rubygems.org/
  specs:
    ruby_wasm (2.6.2-arm64-darwin)
    smarter_csv (1.12.1)

PLATFORMS
  arm64-darwin

DEPENDENCIES
  ruby_wasm
  smarter_csv

BUNDLED WITH
   2.5.16
